GEM
  remote: https://rubygems.org/
  specs:
    chunky_png (1.3.11)
    compass (1.0.1)
      chunky_png (~> 1.2)
      compass-core (~> 1.0.1)
      compass-import-once (~> 1.0.5)
      rb-fsevent (>= 0.9.3)
      rb-inotify (>= 0.9)
      sass (>= 3.3.13, < 3.5)
    compass-core (1.0.3)
      multi_json (~> 1.0)
      sass (>= 3.3.0, < 3.5)
    compass-import-once (1.0.5)
      sass (>= 3.2, < 3.5)
    ffi (1.10.0-x64-mingw32)
    multi_json (1.13.1)
    rb-fsevent (0.10.3)
    rb-inotify (0.10.0)
      ffi (~> 1.0)
    sass (3.4.22)

PLATFORMS
  x64-mingw32

DEPENDENCIES
  compass (= 1.0.1)
  sass (= 3.4.22)

RUBY VERSION
   ruby 2.5.3p105

BUNDLED WITH
   2.0.1
